GEM
  remote: https://rubygems.org/
  specs:
    archive-zip (0.7.0)
      io-like (~> 0.3.0)
    builder (3.2.3)
    childprocess (0.7.0)
      ffi (~> 1.0, >= 1.0.11)
    cucumber (2.4.0)
      builder (>= 2.1.2)
      cucumber-core (~> 1.5.0)
      cucumber-wire (~> 0.0.1)
      diff-lcs (>= 1.1.3)
      gherkin (~> 4.0)
      multi_json (>= 1.7.5, < 2.0)
      multi_test (>= 0.1.2)
    cucumber-core (1.5.0)
      gherkin (~> 4.0)
    cucumber-wire (0.0.1)
    diff-lcs (1.3)
    ffi (1.9.18)
    geckodriver-helper (0.0.3)
      archive-zip (~> 0.7.0)
    gherkin (4.1.3)
    headless (2.3.1)
    io-like (0.3.0)
    multi_json (1.12.1)
    multi_test (0.1.2)
    rubyzip (1.2.1)
    selenium-webdriver (3.4.1)
      childprocess (~> 0.5)
      rubyzip (~> 1.0)

PLATFORMS
  ruby

DEPENDENCIES
  cucumber (~> 2.4)
  geckodriver-helper (~> 0.0.3)
  headless (~> 2.3, >= 2.3.1)
  selenium-webdriver (~> 3.4, >= 3.4.1)

RUBY VERSION
   ruby 2.4.0p0

BUNDLED WITH
   1.15.1
